GEM
  remote: https://rubygems.org/
  specs:
    gemoji (4.0.0.rc2)

PLATFORMS
  ruby

DEPENDENCIES
  gemoji (~> 4.0.0.rc2)

BUNDLED WITH
   2.1.4
