GEM
  remote: https://rubygems.org/
  specs:
    ast (2.4.1)
    gemoji (4.0.0.rc2)
    parallel (1.20.1)
    parser (2.7.2.0)
      ast (~> 2.4.1)
    rainbow (3.0.0)
    regexp_parser (2.0.0)
    rexml (3.2.4)
    rubocop (1.4.1)
      parallel (~> 1.10)
      parser (>= 2.7.1.5)
      rainbow (>= 2.2.2, < 4.0)
      regexp_parser (>= 1.8)
      rexml
      rubocop-ast (>= 1.1.1)
      ruby-progressbar (~> 1.7)
      unicode-display_width (>= 1.4.0, < 2.0)
    rubocop-ast (1.2.0)
      parser (>= 2.7.1.5)
    ruby-progressbar (1.10.1)
    unicode-display_width (1.7.0)

PLATFORMS
  ruby

DEPENDENCIES
  gemoji (= 4.0.0.rc2)
  rubocop

BUNDLED WITH
   2.1.4
